GEM
  remote: https://rubygems.org/
  specs:
    activemodel (5.0.1)
      activesupport (= 5.0.1)
    activesupport (5.0.1)
      concurrent-ruby (~> 1.0, >= 1.0.2)
      i18n (~> 0.7)
      minitest (~> 5.1)
      tzinfo (~> 1.1)
    backports (3.6.8)
    bcrypt (3.1.11)
    bson (4.2.1)
    concurrent-ruby (1.0.4)
    dotenv (2.1.1)
    erubis (2.7.0)
    excon (0.55.0)
    ffi (1.9.10)
    foreman (0.83.0)
      thor (~> 0.19.1)
    geocoder (1.4.2)
    git-version-bump (0.15.1)
    haml (4.0.7)
      tilt
    heroics (0.0.22)
      erubis (~> 2.0)
      excon
      multi_json (>= 1.9.2)
    httparty (0.14.0)
      multi_xml (>= 0.5.2)
    i18n (0.7.0)
    json (1.8.3)
    listen (3.1.5)
      rb-fsevent (~> 0.9, >= 0.9.4)
      rb-inotify (~> 0.9, >= 0.9.7)
      ruby_dep (~> 1.2)
    mail (2.6.4)
      mime-types (>= 1.16, < 4)
    mime-types (3.1)
      mime-types-data (~> 3.2015)
    mime-types-data (3.2016.0521)
    minitest (5.10.1)
    moneta (0.8.1)
    mongo (2.4.1)
      bson (>= 4.2.1, < 5.0.0)
    mongoid (6.1.0)
      activemodel (~> 5.0)
      mongo (>= 2.4.1, < 3.0.0)
    multi_json (1.12.1)
    multi_xml (0.6.0)
    password_strength (1.1.4)
      activemodel
    platform-api (2.0.0)
      heroics (~> 0.0.22)
      moneta (~> 0.8.1)
    pony (1.11)
      mail (>= 2.0)
    puma (3.4.0)
    rack (1.6.4)
    rack-cache (1.7.0)
      rack (>= 0.4)
    rack-contrib (1.4.0)
      git-version-bump (~> 0.15)
      rack (~> 1.4)
    rack-flash3 (1.0.5)
      rack
    rack-protection (1.5.3)
      rack
    rack-test (0.6.3)
      rack (>= 1.0)
    rack-user_agent (0.5.2)
      rack (>= 1.5)
      woothee (>= 1.0.0)
    raygun4ruby (2.0.0)
      httparty (> 0.13.7)
      json
      rack
    rb-fsevent (0.9.7)
    rb-inotify (0.9.7)
      ffi (>= 0.5.0)
    rerun (0.11.0)
      listen (~> 3.0)
    ruby_dep (1.3.1)
    sass (3.4.23)
    sinatra (1.4.7)
      rack (~> 1.5)
      rack-protection (~> 1.4)
      tilt (>= 1.3, < 3)
    sinatra-contrib (1.4.7)
      backports (>= 2.0)
      multi_json
      rack-protection
      rack-test
      sinatra (~> 1.4.0)
      tilt (>= 1.3, < 3)
    sinatra-flash (0.3.0)
      sinatra (>= 1.0.0)
    sinatra-json (0.1.0)
      multi_json (~> 1.0)
      sinatra (~> 1.0)
    sinatra-param (1.4.0)
      sinatra (~> 1.3)
    sinatra-partial (1.0.0)
      sinatra (~> 1.4)
    slack-notifier (2.0.0)
    thor (0.19.4)
    thread_safe (0.3.5)
    tilt (2.0.5)
    tzinfo (1.2.2)
      thread_safe (~> 0.1)
    warden (1.2.7)
      rack (>= 1.0)
    woothee (1.5.0)

PLATFORMS
  ruby

DEPENDENCIES
  bcrypt
  dotenv
  foreman
  geocoder
  haml
  json
  mongoid
  password_strength
  platform-api
  pony
  puma
  rack-cache
  rack-contrib
  rack-flash3
  rack-user_agent
  raygun4ruby
  rerun
  sass
  sinatra
  sinatra-contrib
  sinatra-flash
  sinatra-json
  sinatra-param
  sinatra-partial
  slack-notifier
  warden

RUBY VERSION
   ruby 2.3.3p222

BUNDLED WITH
   1.14.6
